GEM
  remote: https://rubygems.org/
  specs:
    barge (0.11.0)
      faraday (~> 0.9)
      faraday_middleware (~> 0.9)
      hashie (~> 3.3)
    coderay (1.1.0)
    faraday (0.9.1)
      multipart-post (>= 1.2, < 3)
    faraday_middleware (0.9.1)
      faraday (>= 0.7.4, < 0.10)
    hashie (3.4.0)
    method_source (0.8.2)
    multipart-post (2.0.0)
    pry (0.10.1)
      coderay (~> 1.1.0)
      method_source (~> 0.8.1)
      slop (~> 3.4)
    slop (3.6.0)

PLATFORMS
  ruby

DEPENDENCIES
  barge (~> 0.11.0)
  pry (~> 0.10.1)
